GEM
  remote: https://rubygems.org/
  specs:
    backports (3.15.0)
    multi_json (1.13.1)
    mustermann (1.0.3)
    rack (2.0.7)
    rack-protection (2.0.6)
      rack
    rack-test (1.1.0)
      rack (>= 1.0, < 3)
    sinatra (2.0.6)
      mustermann (~> 1.0)
      rack (~> 2.0)
      rack-protection (= 2.0.6)
      tilt (~> 2.0)
    sinatra-contrib (2.0.6)
      backports (>= 2.8.2)
      multi_json
      mustermann (~> 1.0)
      rack-protection (= 2.0.6)
      sinatra (= 2.0.6)
      tilt (~> 2.0)
    sorbet (0.4.4842)
      sorbet-static (= 0.4.4842)
    sorbet-runtime (0.4.4842)
    sorbet-static (0.4.4842-universal-darwin-14)
    tilt (2.0.10)

PLATFORMS
  ruby

DEPENDENCIES
  rack-test
  sinatra (= 2.0.6)
  sinatra-contrib
  sorbet
  sorbet-runtime

BUNDLED WITH
   2.0.1
