GEM
  remote: https://rubygems.org/
  specs:
    backports (3.20.2)
    multi_json (1.15.0)
    mustermann (1.1.1)
      ruby2_keywords (~> 0.0.1)
    rack (2.2.3)
    rack-protection (2.0.6)
      rack
    rake (13.0.3)
    ruby2_keywords (0.0.4)
    sinatra (2.0.6)
      mustermann (~> 1.0)
      rack (~> 2.0)
      rack-protection (= 2.0.6)
      tilt (~> 2.0)
    sinatra-contrib (2.0.6)
      backports (>= 2.8.2)
      multi_json
      mustermann (~> 1.0)
      rack-protection (= 2.0.6)
      sinatra (= 2.0.6)
      tilt (~> 2.0)
    tilt (2.0.10)

PLATFORMS
  x86_64-darwin-16
  x86_64-linux

DEPENDENCIES
  rake
  sinatra (= 2.0.6)
  sinatra-contrib

BUNDLED WITH
   2.2.15
